GEM
  remote: https://rubygems.org/
  specs:
    adsf (1.2.1)
      rack (>= 1.0.0)
    colored (1.2)
    concurrent-ruby (1.0.2)
    cri (2.7.1)
      colored (~> 1.2)
    hamster (3.0.0)
      concurrent-ruby (~> 1.0)
    nanoc (4.4.2)
      cri (~> 2.3)
      hamster (~> 3.0)
      parallel (~> 1.9)
      ref (~> 2.0)
    parallel (1.10.0)
    rack (2.0.1)
    ref (2.0.0)

PLATFORMS
  ruby

DEPENDENCIES
  adsf
  nanoc (= 4.4.2)

BUNDLED WITH
   1.13.6
